GEM
  remote: https://rubygems.org/
  specs:
    eventful (1.0.1)
      methodphitamine (= 1.0.0)
    hoe (3.16.2)
      rake (>= 0.8, < 13.0)
    json_pure (2.1.0)
    methodphitamine (1.0.0)
    mustermann (1.0.1)
    polyglot (0.3.5)
    rack (2.0.3)
    rack-protection (2.0.0)
      rack
    rack-test (0.8.2)
      rack (>= 1.0, < 3)
    rake (12.3.0)
    redis (4.0.1)
    redis-load (0.2)
      json_pure
      redis
      siren
    shotgun (0.9.2)
      rack (>= 1.0)
    sinatra (2.0.0)
      mustermann (~> 1.0)
      rack (~> 2.0)
      rack-protection (= 2.0.0)
      tilt (~> 2.0)
    siren (0.2.0)
      eventful
      hoe (>= 2.3.2)
      treetop
    tilt (2.0.8)
    treetop (1.6.9)
      polyglot (~> 0.3)

PLATFORMS
  ruby
  x64-mingw32

DEPENDENCIES
  rack-test
  redis
  redis-load
  shotgun
  sinatra

BUNDLED WITH
   1.16.0
